GEM
  remote: https://rubygems.org/
  specs:
    coderay (1.1.0)
    dalli (2.7.2)
    evernote-thrift (1.25.1)
    evernote_oauth (0.2.3)
      evernote-thrift
      oauth (>= 0.4.1)
    hashie (2.0.5)
    json (1.8.3)
    method_source (0.8.2)
    mini_magick (3.8.1)
      subexec (~> 0.2.1)
    oauth (0.4.7)
    pry (0.10.1)
      coderay (~> 1.1.0)
      method_source (~> 0.8.1)
      slop (~> 3.4)
    rack (1.5.2)
    rack-protection (1.5.3)
      rack
    sinatra (1.4.5)
      rack (~> 1.4)
      rack-protection (~> 1.4)
      tilt (~> 1.3, >= 1.3.4)
    slop (3.6.0)
    subexec (0.2.3)
    tilt (1.4.1)

PLATFORMS
  ruby

DEPENDENCIES
  dalli
  evernote_oauth
  hashie
  json
  mini_magick
  pry
  sinatra

BUNDLED WITH
   1.11.2
